GEM
  remote: https://rubygems.org/
  specs:
    rake (11.2.2)
    sass (3.4.22)
    slim (3.0.7)
      temple (~> 0.7.6)
      tilt (>= 1.3.3, < 2.1)
    temple (0.7.7)
    tilt (2.0.5)

PLATFORMS
  x64-mingw32

DEPENDENCIES
  rake
  sass
  slim

BUNDLED WITH
   1.12.5
